GIT
  remote: https://github.com/heroku/hatchet.git
  revision: a9d3dc55e7418fcc6e0cc77cb8261597b5e50bd8
  specs:
    heroku_hatchet (7.4.0)
      excon (~> 0)
      platform-api (~> 3)
      rrrretry (~> 1)
      thor (~> 1)
      threaded (~> 0)

GEM
  remote: https://rubygems.org/
  specs:
    diff-lcs (1.4.4)
    erubis (2.7.0)
    excon (0.99.0)
    heroics (0.1.2)
      erubis (~> 2.0)
      excon
      moneta
      multi_json (>= 1.9.2)
      webrick
    moneta (1.0.0)
    multi_json (1.15.0)
    parallel (1.19.2)
    parallel_split_test (0.8.0)
      parallel (>= 0.5.13)
      rspec (>= 3.1.0)
    platform-api (3.5.0)
      heroics (~> 0.1.1)
      moneta (~> 1.0.0)
      rate_throttle_client (~> 0.1.0)
    rate_throttle_client (0.1.2)
    rrrretry (1.0.0)
    rspec (3.9.0)
      rspec-core (~> 3.9.0)
      rspec-expectations (~> 3.9.0)
      rspec-mocks (~> 3.9.0)
    rspec-core (3.9.2)
      rspec-support (~> 3.9.3)
    rspec-expectations (3.9.2)
      diff-lcs (>= 1.2.0, < 2.0)
      rspec-support (~> 3.9.0)
    rspec-mocks (3.9.1)
      diff-lcs (>= 1.2.0, < 2.0)
      rspec-support (~> 3.9.0)
    rspec-retry (0.6.2)
      rspec-core (> 3.3)
    rspec-support (3.9.3)
    thor (1.2.1)
    threaded (0.0.4)
    webrick (1.8.1)

PLATFORMS
  ruby

DEPENDENCIES
  heroku_hatchet!
  parallel_split_test
  rspec-retry
  webrick

BUNDLED WITH
   2.4.7
